GIT
  remote: https://github.com/ncbo/resource_index.git
  revision: 24a7f14a6da4f4a0eaba1016ca5a378dfccd7441
  specs:
    ncbo_resource_index (0.0.1)
      elasticsearch (= 2.0.0)
      mysql2 (= 0.5.2)
      pony
      ref
      ruby-xxHash
      sequel
      typhoeus

GIT
  remote: https://github.com/ncbo/sparql-client.git
  revision: 87bc0e8976519cdcdef06169556677467a10fcfc
  branch: master
  specs:
    sparql-client (1.0.1)
      json_pure (>= 1.4)
      net-http-persistent (= 2.9.4)
      rdf (>= 1.0)

GIT
  remote: https://github.com/ontoportal-lirmm/goo.git
  revision: 7dee2100dc26273158ddc6f4c4bbecd9d64d903d
  branch: ncbo_merge_master
  specs:
    goo (0.0.2)
      addressable (= 2.3.5)
      pry
      rdf (= 1.0.8)
      redis
      rest-client
      rsolr
      sparql-client
      systemu
      uuid

GIT
  remote: https://github.com/ontoportal-lirmm/ncbo_annotator.git
  revision: 1f596c77ab44e8b2402450bb36869919572b7900
  branch: ncbo_merge_master
  specs:
    ncbo_annotator (0.0.1)
      goo
      ontologies_linked_data
      redis
      ruby-xxHash

GIT
  remote: https://github.com/ontoportal-lirmm/ontologies_linked_data.git
  revision: e333490c62c0d442979cfccf7baeaf463a8ce5b8
  branch: ncbo_merge_master
  specs:
    ontologies_linked_data (0.0.1)
      activesupport
      bcrypt
      goo
      json
      libxml-ruby
      multi_json
      ncbo_resource_index
      oj
      omni_logger
      pony
      rack
      rack-test
      rsolr
      rubyzip

PATH
  remote: .
  specs:
    ncbo_cron (0.0.1)
      dante
      goo
      google-api-client
      mlanett-redis-lock
      multi_json
      ncbo_annotator
      ontologies_linked_data
      redis
      rufus-scheduler (~> 2.0.24)

GEM
  remote: https://rubygems.org/
  specs:
    activesupport (4.0.13)
      i18n (~> 0.6, >= 0.6.9)
      minitest (~> 4.2)
      multi_json (~> 1.3)
      thread_safe (~> 0.1)
      tzinfo (~> 0.3.37)
    addressable (2.3.5)
    bcrypt (3.1.16)
    builder (3.2.4)
    coderay (1.1.3)
    concurrent-ruby (1.1.7)
    cube-ruby (0.0.3)
    dante (0.2.0)
    declarative (0.0.20)
    declarative-option (0.1.0)
    domain_name (0.5.20190701)
      unf (>= 0.0.5, < 1.0.0)
    elasticsearch (2.0.0)
      elasticsearch-api (= 2.0.0)
      elasticsearch-transport (= 2.0.0)
    elasticsearch-api (2.0.0)
      multi_json
    elasticsearch-transport (2.0.0)
      faraday
      multi_json
    email_spec (2.1.1)
      htmlentities (~> 4.3.3)
      launchy (~> 2.1)
      mail (~> 2.6)
    ethon (0.12.0)
      ffi (>= 1.3.0)
    faraday (1.0.1)
      multipart-post (>= 1.2, < 3)
    ffi (1.9.21)
    google-api-client (0.10.3)
      addressable (~> 2.3)
      googleauth (~> 0.5)
      httpclient (~> 2.7)
      hurley (~> 0.1)
      memoist (~> 0.11)
      mime-types (>= 1.6)
      representable (~> 3.0)
      retriable (>= 2.0, < 4.0)
    googleauth (0.13.1)
      faraday (>= 0.17.3, < 2.0)
      jwt (>= 1.4, < 3.0)
      memoist (~> 0.16)
      multi_json (~> 1.11)
      os (>= 0.9, < 2.0)
      signet (~> 0.14)
    htmlentities (4.3.4)
    http-accept (1.7.0)
    http-cookie (1.0.3)
      domain_name (~> 0.5)
    httpclient (2.8.3)
    hurley (0.2)
    i18n (0.9.5)
      concurrent-ruby (~> 1.0)
    json (2.3.1)
    json_pure (2.3.1)
    jwt (2.2.2)
    launchy (2.4.3)
      addressable (~> 2.3)
    libxml-ruby (3.2.0)
    logger (1.4.2)
    macaddr (1.7.2)
      systemu (~> 2.6.5)
    mail (2.6.6)
      mime-types (>= 1.16, < 4)
    memoist (0.16.2)
    method_source (1.0.0)
    mime-types (3.3.1)
      mime-types-data (~> 3.2015)
    mime-types-data (3.2020.0512)
    minitest (4.7.5)
    mlanett-redis-lock (0.2.7)
      redis
    multi_json (1.15.0)
    multipart-post (2.1.1)
    mysql2 (0.5.2)
    net-http-persistent (2.9.4)
    netrc (0.11.0)
    oj (3.10.14)
    omni_logger (0.1.4)
      logger
    os (1.1.1)
    parseconfig (1.0.8)
    pony (1.13.1)
      mail (>= 2.0)
    pry (0.13.1)
      coderay (~> 1.1)
      method_source (~> 1.0)
    rack (2.2.3)
    rack-test (1.1.0)
      rack (>= 1.0, < 3)
    rake (13.0.1)
    rdf (1.0.8)
      addressable (>= 2.2)
    redis (4.2.2)
    ref (2.0.0)
    representable (3.0.4)
      declarative (< 0.1.0)
      declarative-option (< 0.2.0)
      uber (< 0.2.0)
    rest-client (2.1.0)
      http-accept (>= 1.7.0, < 2.0)
      http-cookie (>= 1.0.2, < 2.0)
      mime-types (>= 1.16, < 4.0)
      netrc (~> 0.8)
    retriable (3.1.2)
    rsolr (2.3.0)
      builder (>= 2.1.2)
      faraday (>= 0.9.0)
    ruby-xxHash (0.4.0.1)
    rubyzip (2.3.0)
    rufus-scheduler (2.0.24)
      tzinfo (>= 0.3.22)
    sequel (5.37.0)
    signet (0.14.0)
      addressable (~> 2.3)
      faraday (>= 0.17.3, < 2.0)
      jwt (>= 1.5, < 3.0)
      multi_json (~> 1.10)
    sys-proctable (1.2.6)
      ffi
    systemu (2.6.5)
    test-unit-minitest (0.9.1)
      minitest (~> 4.7)
    thread_safe (0.3.6)
    typhoeus (1.4.0)
      ethon (>= 0.9.0)
    tzinfo (0.3.57)
    uber (0.1.0)
    unf (0.1.4)
      unf_ext
    unf_ext (0.0.7.7)
    uuid (2.3.9)
      macaddr (~> 1.0)

PLATFORMS
  ruby

DEPENDENCIES
  cube-ruby
  email_spec
  ffi (< 1.9.22)
  goo!
  google-api-client (~> 0.10)
  mail (= 2.6.6)
  minitest (< 5.0)
  multi_json
  ncbo_annotator!
  ncbo_cron!
  ncbo_resource_index!
  oj
  ontologies_linked_data!
  parseconfig
  pony
  pry
  rake
  redis
  rest-client
  sparql-client!
  sys-proctable
  test-unit-minitest

BUNDLED WITH
   2.1.4
